GEM
  remote: https://rubygems.org/
  specs:
    hashdiff (0.2.2)

PLATFORMS
  ruby

DEPENDENCIES
  hashdiff
